GEM
  remote: https://rubygems.org/
  specs:
    hitimes (1.1.1)

PLATFORMS
  ruby

DEPENDENCIES
  hitimes
